GEM
  remote: https://rubygems.org/
  specs:
    addressable (2.3.8)
    attr_extras (4.5.0)
    crack (0.4.3)
      safe_yaml (~> 1.0.0)
    faraday (0.9.2)
      multipart-post (>= 1.2, < 3)
    hash-deep-merge (0.1.1)
    hashdiff (0.3.0)
    httparty (0.13.1)
      json (~> 1.8)
      multi_xml (>= 0.5.2)
    json (1.8.3)
    json-generator (0.1.0)
      json-schema
    json-schema (2.6.1)
      addressable (~> 2.3.8)
    json-schema-generator (0.0.9)
      jsonpath
    jsonpath (0.5.8)
      multi_json
    middleware (0.1.0)
    multi_json (1.11.3)
    multi_xml (0.5.5)
    multipart-post (2.0.0)
    pacto (0.3.1)
      addressable (~> 2.3)
      faraday (~> 0.9)
      hash-deep-merge (~> 0.1)
      json-generator (~> 0.0, >= 0.0.5)
      json-schema (~> 2.0)
      json-schema-generator (~> 0.0, >= 0.0.7)
      middleware (~> 0.1)
      multi_json (~> 1.8)
      term-ansicolor (~> 1.3)
      webmock (~> 1.17)
    rack (1.6.4)
    rack-protection (1.5.3)
      rack
    safe_yaml (1.0.4)
    sinatra (1.4.7)
      rack (~> 1.5)
      rack-protection (~> 1.4)
      tilt (>= 1.3, < 3)
    term-ansicolor (1.3.2)
      tins (~> 1.0)
    tilt (2.0.2)
    timecop (0.8.0)
    tins (1.10.1)
    webmock (1.24.6)
      addressable (>= 2.3.6)
      crack (>= 0.3.2)
      hashdiff

PLATFORMS
  ruby

DEPENDENCIES
  attr_extras
  httparty
  pacto
  sinatra
  timecop
  webmock

BUNDLED WITH
   1.11.2
